GEM
  remote: https://gems.cloud.bbc.co.uk/
  specs:
    bbc-wormhole (0.0.2)
      forge-helper (~> 3)
    cfn-events (0.2.1)
      aws-sdk (~> 2.0)
    forge-helper (3.0.0)
      rest-client (~> 2)
    modav-spud (0.9.3)
      aws-sdk (~> 2.0)
      json (~> 1.8)
      spud (~> 2.5, >= 2.5.1)
      wormhole (~> 2.0.1)
    spud (2.6.1)
      aws-sdk (~> 2.0)
      cfn-events (~> 0.2)
      json (~> 1.8)
    wormhole (2.0.1)
      bbc-wormhole

GEM
  remote: https://rubygems.org/
  specs:
    aws-eventstream (1.2.0)
    aws-sdk (2.11.632)
      aws-sdk-resources (= 2.11.632)
    aws-sdk-core (2.11.632)
      aws-sigv4 (~> 1.0)
      jmespath (~> 1.0)
    aws-sdk-resources (2.11.632)
      aws-sdk-core (= 2.11.632)
    aws-sigv4 (1.5.0)
      aws-eventstream (~> 1, >= 1.0.2)
    domain_name (0.5.20190701)
      unf (>= 0.0.5, < 1.0.0)
    http-accept (1.7.0)
    http-cookie (1.0.4)
      domain_name (~> 0.5)
    jmespath (1.6.1)
    json (1.8.6)
    mime-types (3.4.1)
      mime-types-data (~> 3.2015)
    mime-types-data (3.2022.0105)
    netrc (0.11.0)
    rest-client (2.1.0)
      http-accept (>= 1.7.0, < 2.0)
      http-cookie (>= 1.0.2, < 2.0)
      mime-types (>= 1.16, < 4.0)
      netrc (~> 0.8)
    unf (0.1.4)
      unf_ext
    unf_ext (0.0.8.1)

PLATFORMS
  ruby

DEPENDENCIES
  forge-helper!
  modav-spud (>= 0.9.3)!

BUNDLED WITH
   2.2.32
